GEM
  remote: http://rubygems.org/
  specs:
    diff-lcs (1.1.3)
    github-markup (0.7.2)
    heredoc_unindent (1.1.2)
    redcarpet (2.1.1)
    rspec (2.9.0)
      rspec-core (~> 2.9.0)
      rspec-expectations (~> 2.9.0)
      rspec-mocks (~> 2.9.0)
    rspec-core (2.9.0)
    rspec-expectations (2.9.1)
      diff-lcs (~> 1.1.3)
    rspec-mocks (2.9.0)
    yard (0.7.5)

PLATFORMS
  ruby

DEPENDENCIES
  github-markup
  heredoc_unindent
  redcarpet
  rspec
  yard
