GEM
  remote: http://rubygems.org/
  specs:
    allison (2.0.3)
    diff-lcs (1.1.3)
    echoe (4.6.3)
      allison (>= 2.0.3)
      gemcutter (>= 0.7.0)
      rake (>= 0.9.2)
      rdoc (>= 3.6.1)
      rubyforge (>= 2.0.4)
    gemcutter (0.7.1)
    github-markup (0.7.2)
    heredoc_unindent (1.1.2)
    json (1.7.0)
    json_pure (1.7.0)
    rake (0.9.2.2)
    rdoc (3.12)
      json (~> 1.4)
    redcarpet (2.1.1)
    rspec (2.9.0)
      rspec-core (~> 2.9.0)
      rspec-expectations (~> 2.9.0)
      rspec-mocks (~> 2.9.0)
    rspec-core (2.9.0)
    rspec-expectations (2.9.1)
      diff-lcs (~> 1.1.3)
    rspec-mocks (2.9.0)
    rubyforge (2.0.4)
      json_pure (>= 1.1.7)
    yard (0.7.5)

PLATFORMS
  ruby

DEPENDENCIES
  echoe
  github-markup
  heredoc_unindent
  redcarpet
  rspec
  yard
